GEM
  remote: https://rubygems.org/
  specs:
    coderay (1.1.3)
    io-console (0.5.6)
    irb (1.2.4)
      reline (>= 0.0.1)
    method_source (1.0.0)
    net-ping (2.0.8)
    pry (0.13.1)
      coderay (~> 1.1)
      method_source (~> 1.0)
    reline (0.1.4)
      io-console (~> 0.5)

PLATFORMS
  ruby

DEPENDENCIES
  irb (~> 1.2.4)
  net-ping (~> 2.0.8)
  pry (~> 0.13.1)

BUNDLED WITH
   1.17.3
